GEM
  remote: http://rubygems.org/
  specs:
    bson (1.3.1)
    bson_ext (1.3.1)
    dragonfly (0.9.2)
      rack
    mongo (1.3.1)
      bson (>= 1.3.1)
    rack (1.3.0)

PLATFORMS
  ruby

DEPENDENCIES
  bson
  bson_ext
  dragonfly
  mongo
